PATH
  remote: .
  specs:
    pagerage (0.0.1)
      pg
      rest-client
      sequel
      sinatra

GEM
  remote: https://rubygems.org/
  specs:
    addressable (2.3.2)
    crack (0.3.1)
    diff-lcs (1.1.3)
    mime-types (1.19)
    pg (0.14.1)
    rack (1.4.1)
    rack-protection (1.2.0)
      rack
    rack-test (0.6.1)
      rack (>= 1.0)
    rake (0.9.2.2)
    rest-client (1.6.7)
      mime-types (>= 1.16)
    rspec (2.11.0)
      rspec-core (~> 2.11.0)
      rspec-expectations (~> 2.11.0)
      rspec-mocks (~> 2.11.0)
    rspec-core (2.11.1)
    rspec-expectations (2.11.3)
      diff-lcs (~> 1.1.3)
    rspec-mocks (2.11.3)
    sequel (3.39.0)
    sinatra (1.3.2)
      rack (~> 1.3, >= 1.3.6)
      rack-protection (~> 1.2)
      tilt (~> 1.3, >= 1.3.3)
    tilt (1.3.3)
    timecop (0.3.5)
    webmock (1.8.10)
      addressable (>= 2.2.7)
      crack (>= 0.1.7)

PLATFORMS
  ruby

DEPENDENCIES
  pagerage!
  rack-test
  rake
  rspec
  timecop
  webmock
